GEM
  remote: https://rubygems.org/
  specs:
    rake (13.1.0)

PLATFORMS
  ruby

DEPENDENCIES
  rake (~> 13.1.0)

BUNDLED WITH
   1.16.6
