GEM
  remote: https://rubygems.org/
  specs:
    rake (13.0.6)

PLATFORMS
  ruby

DEPENDENCIES
  rake (~> 13.0.6)

BUNDLED WITH
   1.16.6
